GEM
  remote: http://rubygems.org/
  specs:
    coffee-script (2.2.0)
      coffee-script-source
      execjs
    coffee-script-source (1.1.2)
    execjs (1.2.9)
      multi_json (~> 1.0)
    foreman (0.24.0)
      term-ansicolor (~> 1.0.5)
      thor (>= 0.13.6)
    haml (3.1.3)
    hike (1.2.1)
    libv8 (3.3.10.2)
    multi_json (1.0.3)
    rack (1.3.4)
    rack-protection (1.1.4)
      rack
    sass (3.1.8)
    sinatra (1.3.1)
      rack (~> 1.3, >= 1.3.4)
      rack-protection (~> 1.1, >= 1.1.2)
      tilt (~> 1.3, >= 1.3.3)
    sprockets (2.0.2)
      hike (~> 1.2)
      rack (~> 1.0)
      tilt (~> 1.1, != 1.3.0)
    term-ansicolor (1.0.6)
    therubyracer (0.9.5)
      libv8 (~> 3.3.10)
    thor (0.14.6)
    tilt (1.3.3)

PLATFORMS
  ruby

DEPENDENCIES
  coffee-script
  execjs
  foreman
  haml
  sass
  sinatra
  sprockets
  therubyracer
